GEM
  remote: https://rubygems.org/
  specs:
    coderay (1.1.3)
    method_source (1.0.0)
    nio4r (2.5.9)
    pry (0.14.2)
      coderay (~> 1.1)
      method_source (~> 1.0)
    puma (6.3.0)
      nio4r (~> 2.0)
    rack (3.0.7)
    rack-test (2.1.0)
      rack (>= 1.3)

PLATFORMS
  arm64-darwin-21

DEPENDENCIES
  pry
  puma
  rack
  rack-test

BUNDLED WITH
   2.3.26
